PATH
  remote: .
  specs:
    crawlerrb (0.1.0)

GEM
  remote: https://rubygems.org/
  specs:
    mini_portile2 (2.4.0)
    minitest (5.14.0)
    nokogiri (1.10.9)
      mini_portile2 (~> 2.4.0)
    rake (12.3.3)
    redis (4.1.4)

PLATFORMS
  ruby

DEPENDENCIES
  crawlerrb!
  minitest (~> 5.0)
  nokogiri
  rake (~> 12.0)
  redis

BUNDLED WITH
   2.1.4
